PATH
  remote: .
  specs:
    miniradio_server (0.0.2)
      logger
      open3
      rackup
      slim
      tilt
      webrick

GEM
  remote: https://rubygems.org/
  specs:
    date (3.4.1)
    io-console (0.8.0)
    irb (1.15.2)
      pp (>= 0.6.0)
      rdoc (>= 4.0.0)
      reline (>= 0.4.2)
    logger (1.7.0)
    minitest (5.25.5)
    open3 (0.2.1)
    pp (0.6.2)
      prettyprint
    prettyprint (0.2.0)
    psych (5.2.3)
      date
      stringio
    rack (3.1.13)
    rackup (2.2.1)
      rack (>= 3)
    rake (13.2.1)
    rdoc (6.13.1)
      psych (>= 4.0.0)
    reline (0.6.1)
      io-console (~> 0.5)
    slim (5.2.1)
      temple (~> 0.10.0)
      tilt (>= 2.1.0)
    stringio (3.1.6)
    temple (0.10.3)
    tilt (2.6.0)
    webrick (1.9.1)

PLATFORMS
  arm64-darwin-24
  ruby

DEPENDENCIES
  irb
  miniradio_server!
  minitest (~> 5.16)
  rake (~> 13.0)

BUNDLED WITH
   2.6.7
